PATH
  remote: .
  specs:
    ruby-xcdm (1.0.0)
      activesupport (>= 4.1, < 7)
      builder (~> 3.2)
      plist (~> 3.1)

GEM
  remote: https://rubygems.org/
  specs:
    activesupport (6.1.4.1)
      concurrent-ruby (~> 1.0, >= 1.0.2)
      i18n (>= 1.6, < 2)
      minitest (>= 5.1)
      tzinfo (~> 2.0)
      zeitwerk (~> 2.3)
    builder (3.2.4)
    concurrent-ruby (1.1.9)
    i18n (1.8.10)
      concurrent-ruby (~> 1.0)
    minitest (5.14.4)
    plist (3.6.0)
    rake (13.0.3)
    tzinfo (2.0.4)
      concurrent-ruby (~> 1.0)
    zeitwerk (2.4.2)

PLATFORMS
  ruby

DEPENDENCIES
  activesupport
  builder
  minitest
  plist
  rake
  ruby-xcdm!

BUNDLED WITH
   2.2.27
